GEM
  remote: http://rubygems.org/
  specs:
    chunky_png (1.2.5)
    coffee-script (2.2.0)
      coffee-script-source
      execjs
    coffee-script-source (1.1.2)
    compass (0.11.5)
      chunky_png (~> 1.2)
      fssm (>= 0.2.7)
      sass (~> 3.1)
    execjs (1.2.9)
      multi_json (~> 1.0)
    fssm (0.2.7)
    guard (0.8.4)
      thor (~> 0.14.6)
    guard-sprockets2 (0.0.5)
      guard
      sprockets (~> 2.0)
    hike (1.2.1)
    multi_json (1.0.3)
    rack (1.3.4)
    rack-protection (1.1.4)
      rack
    sass (3.1.10)
    sinatra (1.3.1)
      rack (~> 1.3, >= 1.3.4)
      rack-protection (~> 1.1, >= 1.1.2)
      tilt (~> 1.3, >= 1.3.3)
    sprockets (2.0.2)
      hike (~> 1.2)
      rack (~> 1.0)
      tilt (~> 1.1, != 1.3.0)
    sprockets-helpers (0.2.1)
      sprockets (~> 2.0)
    sprockets-sass (0.4.2)
      sprockets (~> 2.0)
      sprockets-helpers (~> 0.1)
      tilt (~> 1.1)
    thor (0.14.6)
    tilt (1.3.3)
    uglifier (1.0.3)
      execjs (>= 0.3.0)
      multi_json (>= 1.0.2)

PLATFORMS
  ruby

DEPENDENCIES
  coffee-script (~> 2.2.0)
  compass (~> 0.11.0)
  guard-sprockets2
  sass (~> 3.1.10)
  sinatra
  sprockets (~> 2.0.2)
  sprockets-helpers (~> 0.2.1)
  sprockets-sass (~> 0.4.2)
  uglifier (~> 1.0.3)
